GEM
  remote: https://rubygems.org/
  specs:
    concurrent-ruby (1.1.10)
    deep_merge (1.2.2)
    diff-lcs (1.1.3)
    facter (4.2.10)
      hocon (~> 1.3)
      thor (>= 1.0.1, < 2.0)
    fast_gettext (2.2.0)
    hiera (3.9.0)
    hocon (1.3.1)
    locale (2.1.3)
    metaclass (0.0.1)
    mocha (0.10.5)
      metaclass (~> 0.0.1)
    multi_json (1.15.0)
    puppet (7.17.0)
      concurrent-ruby (~> 1.0)
      deep_merge (~> 1.0)
      facter (> 2.0.1, < 5)
      fast_gettext (>= 1.1, < 3)
      hiera (>= 3.2.1, < 4)
      locale (~> 2.1)
      multi_json (~> 1.10)
      puppet-resource_api (~> 1.5)
      scanf (~> 1.0)
      semantic_puppet (~> 1.0)
    puppet-resource_api (1.8.14)
      hocon (>= 1.0)
    puppetlabs_spec_helper (0.4.1)
      mocha (>= 0.10.5)
      rake
      rspec (>= 2.9.0)
      rspec-puppet (>= 0.1.1)
    rake (13.0.1)
    rspec (2.11.0)
      rspec-core (~> 2.11.0)
      rspec-expectations (~> 2.11.0)
      rspec-mocks (~> 2.11.0)
    rspec-core (2.11.1)
    rspec-expectations (2.11.3)
      diff-lcs (~> 1.1.3)
    rspec-mocks (2.11.3)
    rspec-puppet (0.1.6)
      rspec
    scanf (1.0.0)
    semantic_puppet (1.0.4)
    thor (1.2.1)

PLATFORMS
  ruby

DEPENDENCIES
  facter (~> 1.6)
  hiera (~> 1.0)
  minitar (~> 0.5.4)
  mocha (~> 0.10.5)
  puppet (~> 3.2.3)
  puppetlabs_spec_helper
  rspec (~> 2.11.0)
  sys-admin (~> 1.5.6)
  win32-dir (~> 0.3.7)
  win32-eventlog (~> 0.5.3)
  win32-process (~> 0.6.5)
  win32-security (~> 0.1.4)
  win32-service (~> 0.7.2)
  win32-taskscheduler (~> 0.2.2)
  win32console (~> 1.3.2)
